GEM
  remote: https://rubygems.org/
  specs:
    alfred-workflow (1.8.0)
      plist (>= 3.1.0)
    httparty (0.13.3)
      json (~> 1.8)
      multi_xml (>= 0.5.2)
    json (1.8.1)
    multi_xml (0.5.5)
    plist (3.1.0)

PLATFORMS
  ruby

DEPENDENCIES
  alfred-workflow
  httparty
  plist
